GEM
  remote: https://rubygems.org/
  specs:
    excon (0.29.0)
    pg (0.17.0)
    que (0.6.0)
    rack (1.5.2)
    rack-protection (1.5.2)
      rack
    sinatra (1.4.4)
      rack (~> 1.4)
      rack-protection (~> 1.4)
      tilt (~> 1.3, >= 1.3.4)
    tilt (1.4.1)
    yajl-ruby (1.2.0)

PLATFORMS
  ruby

DEPENDENCIES
  excon
  pg
  que
  sinatra
  yajl-ruby
